GEM
  remote: http://rubygems.org/
  specs:
    wiringpi2 (2.0.1)

PLATFORMS
  ruby

DEPENDENCIES
  wiringpi2 (~> 2.0.1)
